STORAGE: NONE
RESTRICTION: || (== net462) (== netstandard2.0)
NUGET
  remote: https://www.nuget.org/api/v2
    Google.Protobuf (3.8)
      System.Memory (>= 4.5.2) - restriction: || (&& (== net462) (< net45) (>= netstandard2.0)) (== netstandard2.0)
    Grpc (1.22)
      Grpc.Core (>= 1.22)
    Grpc.Core (1.22)
      Grpc.Core.Api (>= 1.22)
      System.Interactive.Async (>= 3.2)
    Grpc.Core.Api (1.22)
      System.Interactive.Async (>= 3.2)
      System.Memory (>= 4.5.2) - restriction: || (&& (== net462) (< net45) (>= netstandard2.0)) (== netstandard2.0)
    Microsoft.CodeCoverage (16.2) - restriction: || (== net462) (&& (== netstandard2.0) (>= net45)) (&& (== netstandard2.0) (>= netcoreapp1.0))
    Microsoft.Extensions.Logging.Abstractions (2.2)
    Microsoft.NET.Test.Sdk (16.2)
      Microsoft.CodeCoverage (>= 16.2) - restriction: || (== net462) (&& (== netstandard2.0) (>= net45)) (&& (== netstandard2.0) (>= netcoreapp1.0))
    Microsoft.NETCore.Platforms (2.2.2) - restriction: || (&& (== net462) (< net45)) (&& (== net462) (< net452)) (&& (== net462) (>= netcoreapp2.0)) (&& (== net462) (< netstandard1.0)) (&& (== net462) (< netstandard1.3) (>= wpa81)) (&& (== net462) (< netstandard1.5) (>= uap10.0)) (&& (== net462) (< portable-net45+win8+wpa81)) (&& (== net462) (>= uap10.1)) (&& (== net462) (>= wp8)) (== netstandard2.0)
    NETStandard.Library (2.0.3) - restriction: || (&& (== net462) (< net452)) (== netstandard2.0)
      Microsoft.NETCore.Platforms (>= 1.1)
    Newtonsoft.Json (12.0.2)
    Proto.Actor (0.2)
      Google.Protobuf (>= 3.5.1)
      Microsoft.Extensions.Logging.Abstractions (>= 1.1.2) - restriction: || (== net462) (&& (== netstandard2.0) (>= net452))
      Microsoft.Extensions.Logging.Abstractions (>= 2.0) - restriction: || (&& (== net462) (< net452) (>= netstandard2.0)) (== netstandard2.0)
      Proto.Mailbox (>= 0.2)
      System.Collections.Immutable (>= 1.5)
      System.ValueTuple (>= 4.4)
    Proto.Mailbox (0.2)
    Proto.Remote (0.2)
      Google.Protobuf (>= 3.5.1)
      Grpc (>= 1.10)
      Proto.Actor (>= 0.2)
      Proto.Mailbox (>= 0.2)
      Proto.Router (>= 0.2)
    Proto.Router (0.2)
      Proto.Actor (>= 0.2)
      Proto.Mailbox (>= 0.2)
    System.Buffers (4.5) - restriction: || (&& (== net462) (>= monoandroid) (>= netstandard2.0)) (&& (== net462) (>= monotouch) (>= netstandard2.0)) (&& (== net462) (< net45) (>= netstandard2.0)) (&& (== net462) (< netstandard1.1) (>= netstandard2.0)) (&& (== net462) (>= netstandard2.0) (>= wpa81)) (&& (== net462) (>= netstandard2.0) (>= xamarintvos)) (&& (== net462) (>= netstandard2.0) (>= xamarinwatchos)) (&& (== net462) (>= xamarinios)) (&& (== net462) (>= xamarinmac)) (== netstandard2.0)
    System.Collections.Immutable (1.5)
    System.Interactive.Async (3.2)
    System.Memory (4.5.3) - restriction: || (&& (== net462) (< net45) (>= netstandard2.0)) (== netstandard2.0)
      System.Buffers (>= 4.4)
      System.Numerics.Vectors (>= 4.4)
      System.Runtime.CompilerServices.Unsafe (>= 4.5.2)
    System.Numerics.Vectors (4.5) - restriction: || (&& (== net462) (< net45) (>= netstandard2.0)) (== netstandard2.0)
    System.Runtime.CompilerServices.Unsafe (4.5.2) - restriction: || (&& (== net462) (>= monoandroid) (>= netstandard2.0)) (&& (== net462) (>= monotouch) (>= netstandard2.0)) (&& (== net462) (< net45) (>= netstandard2.0)) (&& (== net462) (>= netcoreapp2.0)) (&& (== net462) (< netstandard1.1) (>= netstandard2.0)) (&& (== net462) (>= netstandard2.0) (>= uap10.1)) (&& (== net462) (>= netstandard2.0) (>= wpa81)) (&& (== net462) (>= netstandard2.0) (>= xamarintvos)) (&& (== net462) (>= netstandard2.0) (>= xamarinwatchos)) (&& (== net462) (>= xamarinios)) (&& (== net462) (>= xamarinmac)) (== netstandard2.0)
    System.ValueTuple (4.5)
    xunit (2.4.1)
      xunit.analyzers (>= 0.10)
      xunit.assert (2.4.1)
      xunit.core (2.4.1)
    xunit.abstractions (2.0.3)
    xunit.analyzers (0.10)
    xunit.assert (2.4.1)
      NETStandard.Library (>= 1.6.1) - restriction: || (&& (== net462) (< net452)) (== netstandard2.0)
    xunit.core (2.4.1)
      xunit.extensibility.core (2.4.1)
      xunit.extensibility.execution (2.4.1)
    xunit.extensibility.core (2.4.1)
      NETStandard.Library (>= 1.6.1) - restriction: || (&& (== net462) (< net452)) (== netstandard2.0)
      xunit.abstractions (>= 2.0.3)
    xunit.extensibility.execution (2.4.1)
      NETStandard.Library (>= 1.6.1) - restriction: || (&& (== net462) (< net452)) (== netstandard2.0)
      xunit.extensibility.core (2.4.1)
    xunit.runner.visualstudio (2.4.1)
